PATH
  remote: .
  specs:
    ariete (1.0.3)

GEM
  remote: https://rubygems.org/
  specs:
    power_assert (0.2.7)
    rake (10.3.2)
    test-unit (3.1.7)
      power_assert

PLATFORMS
  ruby

DEPENDENCIES
  ariete!
  bundler (~> 1.7)
  rake (~> 10.0)
  test-unit

BUNDLED WITH
   1.11.2
